PATH
  remote: .
  specs:
    aws_sg_audit (0.0.1)
      aws-sdk

GEM
  remote: https://rubygems.org/
  specs:
    aws-sdk (1.8.3)
      json (~> 1.4)
      nokogiri (>= 1.4.4)
      uuidtools (~> 2.1)
    json (1.7.7)
    nokogiri (1.5.6)
    rake (10.1.0)
    uuidtools (2.1.3)

PLATFORMS
  ruby

DEPENDENCIES
  aws_sg_audit!
  bundler (~> 1.3)
  rake
